PATH
  remote: .
  specs:
    github-helpers (0.0.1)
      github_api
      gli (= 2.5.3)
      highline

GEM
  remote: http://rubygems.org/
  specs:
    aruba (0.5.1)
      childprocess (~> 0.3.6)
      cucumber (>= 1.1.1)
      rspec-expectations (>= 2.7.0)
    builder (3.1.4)
    childprocess (0.3.6)
      ffi (~> 1.0, >= 1.0.6)
    cucumber (1.2.1)
      builder (>= 2.1.2)
      diff-lcs (>= 1.1.3)
      gherkin (~> 2.11.0)
      json (>= 1.4.6)
    diff-lcs (1.1.3)
    faraday (0.8.4)
      multipart-post (~> 1.1)
    ffi (1.3.1)
    gherkin (2.11.5)
      json (>= 1.4.6)
    github_api (0.8.6)
      faraday (~> 0.8.1)
      hashie (~> 1.2.0)
      multi_json (~> 1.4)
      nokogiri (~> 1.5.2)
      oauth2
    gli (2.5.3)
    hashie (1.2.0)
    highline (1.6.15)
    httpauth (0.2.0)
    json (1.7.6)
    jwt (0.1.5)
      multi_json (>= 1.0)
    multi_json (1.5.0)
    multipart-post (1.1.5)
    nokogiri (1.5.6)
    oauth2 (0.8.0)
      faraday (~> 0.8)
      httpauth (~> 0.1)
      jwt (~> 0.1.4)
      multi_json (~> 1.0)
      rack (~> 1.2)
    rack (1.4.4)
    rake (10.0.3)
    rdoc (3.12)
      json (~> 1.4)
    rspec-expectations (2.12.1)
      diff-lcs (~> 1.1.3)

PLATFORMS
  ruby

DEPENDENCIES
  aruba
  github-helpers!
  rake
  rdoc
